GEM
  remote: https://rubygems.org/
  specs:
    formkeeper (0.0.15)
      hpricot
      rack
    haml (4.0.7)
      tilt
    hpricot (0.8.6)
    rack (1.6.5)
    rack-protection (1.5.3)
      rack
    sinatra (1.4.8)
      rack (~> 1.5)
      rack-protection (~> 1.4)
      tilt (>= 1.3, < 3)
    sinatra-formkeeper (0.0.7)
      formkeeper (~> 0.0.12)
      hpricot
      rack
      sinatra
    tilt (2.0.6)

PLATFORMS
  ruby

DEPENDENCIES
  haml
  sinatra
  sinatra-formkeeper

RUBY VERSION
   ruby 2.4.0p0

BUNDLED WITH
   1.14.6
