GEM
  remote: https://rubygems.org/
  specs:
    formkeeper (0.0.13)
      hpricot
      rack
    haml (4.0.5)
      tilt
    hpricot (0.8.6)
    rack (1.5.2)
    rack-protection (1.5.3)
      rack
    sinatra (1.4.5)
      rack (~> 1.4)
      rack-protection (~> 1.4)
      tilt (~> 1.3, >= 1.3.4)
    sinatra-formkeeper (0.0.7)
      formkeeper (~> 0.0.12)
      hpricot
      rack
      sinatra
    tilt (1.4.1)

PLATFORMS
  ruby

DEPENDENCIES
  haml
  sinatra (= 1.4.5)
  sinatra-formkeeper
